GEM
  remote: https://rubygems.org/
  specs:
    dotenv (2.0.1)

PLATFORMS
  ruby

DEPENDENCIES
  dotenv
